PATH
  remote: .
  specs:
    erhu (0.1.4)
      faraday (~> 2.7, >= 2.7.4)
      faraday-follow_redirects (~> 0.3.0)
      git (~> 1.18)
      pastel (~> 0.8.0)
      rubyzip (~> 2.3, >= 2.3.2)
      tty-command (~> 0.10.1)
      tty-platform (~> 0.3.0)
      tty-progressbar (~> 0.18.2)
      tty-spinner (~> 0.9.3)

GEM
  remote: https://rubygems.org/
  specs:
    addressable (2.8.1)
      public_suffix (>= 2.0.2, < 6.0)
    coderay (1.1.3)
    faraday (2.7.4)
      faraday-net_http (>= 2.0, < 3.1)
      ruby2_keywords (>= 0.0.4)
    faraday-follow_redirects (0.3.0)
      faraday (>= 1, < 3)
    faraday-net_http (3.0.2)
    git (1.18.0)
      addressable (~> 2.8)
      rchardet (~> 1.8)
    method_source (1.0.0)
    pastel (0.8.0)
      tty-color (~> 0.5)
    pry (0.14.2)
      coderay (~> 1.1)
      method_source (~> 1.0)
    public_suffix (5.0.1)
    rake (13.0.6)
    rchardet (1.8.0)
    ruby2_keywords (0.0.5)
    rubyzip (2.3.2)
    strings-ansi (0.2.0)
    tty-color (0.6.0)
    tty-command (0.10.1)
      pastel (~> 0.8)
    tty-cursor (0.7.1)
    tty-platform (0.3.0)
    tty-progressbar (0.18.2)
      strings-ansi (~> 0.2)
      tty-cursor (~> 0.7)
      tty-screen (~> 0.8)
      unicode-display_width (>= 1.6, < 3.0)
    tty-screen (0.8.1)
    tty-spinner (0.9.3)
      tty-cursor (~> 0.7)
    unicode-display_width (2.4.2)

PLATFORMS
  arm64-darwin-22
  ruby
  x86_64-linux

DEPENDENCIES
  erhu!
  pry
  rake (~> 13.0)

BUNDLED WITH
   2.4.6
