PATH
  remote: .
  specs:
    erhu (0.1.9)
      dotenv (~> 2.8, >= 2.8.1)
      down (~> 5.0)
      git (~> 1.18)
      http (~> 5.0)
      pastel (~> 0.8.0)
      rubyzip (~> 2.3, >= 2.3.2)
      tty-command (~> 0.10.1)
      tty-platform (~> 0.3.0)
      tty-progressbar (~> 0.18.2)
      tty-spinner (~> 0.9.3)

GEM
  remote: https://rubygems.org/
  specs:
    addressable (2.8.1)
      public_suffix (>= 2.0.2, < 6.0)
    domain_name (0.5.20190701)
      unf (>= 0.0.5, < 1.0.0)
    dotenv (2.8.1)
    down (5.4.0)
      addressable (~> 2.8)
    ffi (1.15.5)
    ffi-compiler (1.0.1)
      ffi (>= 1.0.0)
      rake
    git (1.18.0)
      addressable (~> 2.8)
      rchardet (~> 1.8)
    http (5.1.1)
      addressable (~> 2.8)
      http-cookie (~> 1.0)
      http-form_data (~> 2.2)
      llhttp-ffi (~> 0.4.0)
    http-cookie (1.0.5)
      domain_name (~> 0.5)
    http-form_data (2.3.0)
    llhttp-ffi (0.4.0)
      ffi-compiler (~> 1.0)
      rake (~> 13.0)
    pastel (0.8.0)
      tty-color (~> 0.5)
    public_suffix (5.0.1)
    rake (13.0.6)
    rchardet (1.8.0)
    rubyzip (2.3.2)
    strings-ansi (0.2.0)
    tty-color (0.6.0)
    tty-command (0.10.1)
      pastel (~> 0.8)
    tty-cursor (0.7.1)
    tty-platform (0.3.0)
    tty-progressbar (0.18.2)
      strings-ansi (~> 0.2)
      tty-cursor (~> 0.7)
      tty-screen (~> 0.8)
      unicode-display_width (>= 1.6, < 3.0)
    tty-screen (0.8.1)
    tty-spinner (0.9.3)
      tty-cursor (~> 0.7)
    unf (0.1.4)
      unf_ext
    unf_ext (0.0.8.2)
    unicode-display_width (2.4.2)

PLATFORMS
  arm64-darwin-22
  ruby
  x86_64-linux

DEPENDENCIES
  erhu!
  rake (~> 13.0)

BUNDLED WITH
   2.4.6
